GEM
  remote: https://rubygems.org/
  specs:
    coderay (1.1.3)
    method_source (1.0.0)
    nokogiri (1.11.3-x86_64-darwin)
      racc (~> 1.4)
    pry (0.14.1)
      coderay (~> 1.1)
      method_source (~> 1.0)
    racc (1.5.2)
    require_all (1.5.0)

PLATFORMS
  x86_64-darwin-18

DEPENDENCIES
  nokogiri
  pry
  require_all (~> 1.0)

BUNDLED WITH
   2.2.16
